GEM
  remote: https://rubygems.org/
  specs:
    diff-lcs (1.4.4)
    rspec (3.10.0)
      rspec-core (~> 3.10.0)
      rspec-expectations (~> 3.10.0)
      rspec-mocks (~> 3.10.0)
    rspec-core (3.10.1)
      rspec-support (~> 3.10.0)
    rspec-expectations (3.10.1)
      diff-lcs (>= 1.2.0, < 2.0)
      rspec-support (~> 3.10.0)
    rspec-mocks (3.10.1)
      diff-lcs (>= 1.2.0, < 2.0)
      rspec-support (~> 3.10.0)
    rspec-support (3.10.1)
    rspec_junit_formatter (0.4.1)
      rspec-core (>= 2, < 4, != 2.12.0)
    semaphore_cucumber_booster_config (1.4.1)
      thor (~> 0.19.1)
    semaphore_test_boosters (2.6.0)
      semaphore_cucumber_booster_config (~> 1.4.1)
    thor (0.19.4)

PLATFORMS
  ruby

DEPENDENCIES
  rspec
  rspec_junit_formatter
  semaphore_test_boosters

BUNDLED WITH
   2.1.4
